PATH
  remote: .
  specs:
    ofx (0.3.2)
      nokogiri

GEM
  remote: https://rubygems.org/
  specs:
    byebug (11.1.1)
    coderay (1.1.2)
    diff-lcs (1.4.4)
    method_source (1.0.0)
    mini_portile2 (2.3.0)
    nokogiri (1.8.5)
      mini_portile2 (~> 2.3.0)
    pry (0.13.0)
      coderay (~> 1.1)
      method_source (~> 1.0)
    pry-byebug (3.9.0)
      byebug (~> 11.0)
      pry (~> 0.13.0)
    rake (10.1.0)
    rspec (3.10.0)
      rspec-core (~> 3.10.0)
      rspec-expectations (~> 3.10.0)
      rspec-mocks (~> 3.10.0)
    rspec-core (3.10.1)
      rspec-support (~> 3.10.0)
    rspec-expectations (3.10.1)
      diff-lcs (>= 1.2.0, < 2.0)
      rspec-support (~> 3.10.0)
    rspec-mocks (3.10.2)
      diff-lcs (>= 1.2.0, < 2.0)
      rspec-support (~> 3.10.0)
    rspec-support (3.10.2)

PLATFORMS
  ruby

DEPENDENCIES
  ofx!
  pry-byebug
  rake
  rspec (~> 3.10)

BUNDLED WITH
   1.16.4
